GEM
  specs:
    fastercsv (1.5.5)

PLATFORMS
  ruby

DEPENDENCIES
  fastercsv
