GEM
  remote: http://rubygems.org/
  specs:
    bouncy-castle-java (1.5.0146.1)
    googlecharts (1.6.8)
    jruby-openssl (0.7.7)
      bouncy-castle-java (>= 1.5.0146.1)

PLATFORMS
  java

DEPENDENCIES
  googlecharts
  jruby-openssl
