GEM
  remote: http://rubygems.org/
  specs:
    addressable (2.2.8)
    bouncy-castle-java (1.5.0146.1)
    ffi (1.0.11-java)
    googlecharts (1.6.8)
    jruby-openssl (0.7.7)
      bouncy-castle-java (>= 1.5.0146.1)
    launchy (2.1.0)
      addressable (~> 2.2.6)
    launchy (2.1.0-java)
      addressable (~> 2.2.6)
      ffi (~> 1.0.9)
      spoon (~> 0.0.1)
    spoon (0.0.1)

PLATFORMS
  java

DEPENDENCIES
  googlecharts
  jruby-openssl
  launchy
  spoon
